GEM
  remote: http://rubygems.org/
  specs:
    activemodel (4.0.4)
      activesupport (= 4.0.4)
      builder (~> 3.1.0)
    activesupport (4.0.4)
      i18n (~> 0.6, >= 0.6.9)
      minitest (~> 4.2)
      multi_json (~> 1.3)
      thread_safe (~> 0.1)
      tzinfo (~> 0.3.37)
    addressable (2.3.6)
    atomic (1.1.16)
    builder (3.1.4)
    coderay (1.1.0)
    ethon (0.7.0)
      ffi (>= 1.3.0)
    ffi (1.9.3)
    htmlentities (4.3.1)
    i18n (0.6.9)
    json (1.8.1)
    method_source (0.8.2)
    mini_portile (0.5.3)
    minitest (4.7.5)
    multi_json (1.9.2)
    nokogiri (1.6.1)
      mini_portile (~> 0.5.0)
    open-uri-cached (0.0.5)
    pry (0.9.12.6)
      coderay (~> 1.0)
      method_source (~> 0.8)
      slop (~> 3.4)
    rake (10.2.0)
    slop (3.5.0)
    thread_safe (0.3.1)
      atomic (>= 1.1.7, < 2)
    typhoeus (0.6.8)
      ethon (>= 0.7.0)
    tzinfo (0.3.39)
    wordnik (4.12)
      activemodel (>= 3.0.3)
      addressable (>= 2.2.4)
      htmlentities (>= 4.2.4)
      json (>= 1.4.6)
      nokogiri (>= 1.4.4)
      typhoeus (>= 0.2.1)

PLATFORMS
  ruby

DEPENDENCIES
  bundler
  multi_json
  nokogiri
  open-uri-cached
  pry
  rake
  wordnik
